PATH
  remote: .
  specs:
    vcr-fakefs (0.1.0)
      fakefs (~> 0.6)
      vcr (~> 2.9)

GEM
  remote: https://rubygems.org/
  specs:
    diff-lcs (1.2.5)
    fakefs (0.6.7)
    rspec (3.2.0)
      rspec-core (~> 3.2.0)
      rspec-expectations (~> 3.2.0)
      rspec-mocks (~> 3.2.0)
    rspec-core (3.2.1)
      rspec-support (~> 3.2.0)
    rspec-expectations (3.2.0)
      diff-lcs (>= 1.2.0, < 2.0)
      rspec-support (~> 3.2.0)
    rspec-mocks (3.2.1)
      diff-lcs (>= 1.2.0, < 2.0)
      rspec-support (~> 3.2.0)
    rspec-support (3.2.2)
    vcr (2.9.3)

PLATFORMS
  ruby

DEPENDENCIES
  bundler (~> 1.3)
  fakefs (= 0.6.7)
  rspec (= 3.2.0)
  vcr (= 2.9.3)
  vcr-fakefs!
